GEM
  remote: https://rubygems.org/
  specs:
    autostacker24 (1.0.53)
      aws-sdk-core (~> 2)
      json (~> 1.8)
    aws-sdk-core (2.1.33)
      jmespath (~> 1.0)
    jmespath (1.1.3)
    json (1.8.3)
    rake (10.4.2)

PLATFORMS
  ruby

DEPENDENCIES
  autostacker24
  aws-sdk-core
  rake

BUNDLED WITH
   1.10.6
