GEM
  remote: https://rubygems.org/
  specs:
    autostacker24 (2.0.1)
      aws-sdk-core (~> 2)
      json (~> 1.8)
      json_pure (~> 1.8)
    aws-sdk-core (2.3.14)
      jmespath (~> 1.0)
    jmespath (1.2.4)
      json_pure (>= 1.8.1)
    json (1.8.3)
    json_pure (1.8.3)
    rake (11.2.2)

PLATFORMS
  ruby

DEPENDENCIES
  autostacker24
  aws-sdk-core
  rake

BUNDLED WITH
   1.12.3
